GEM
  remote: https://rubygems.org/
  specs:
    amq-client (1.0.2)
      amq-protocol (>= 1.2.0)
      eventmachine
    amq-protocol (1.6.0)
    amqp (1.0.2)
      amq-client (~> 1.0.2)
      amq-protocol (>= 1.3.0)
      eventmachine
    bson (1.9.0)
    bson_ext (1.9.0)
      bson (~> 1.9.0)
    bunny (0.9.0.rc1)
      amq-protocol (>= 1.6.0)
    eventmachine (1.0.3)
    haml (4.0.3)
      tilt
    mail (2.5.4)
      mime-types (~> 1.16)
      treetop (~> 1.4.8)
    mime-types (1.23)
    mongo (1.9.0)
      bson (~> 1.9.0)
    polyglot (0.3.3)
    tilt (1.4.1)
    treetop (1.4.14)
      polyglot
      polyglot (>= 0.3.1)
    unicode_utils (1.4.0)

PLATFORMS
  ruby

DEPENDENCIES
  amqp
  bson_ext
  bunny (>= 0.9.0.rc1)
  haml
  mail
  mongo
  unicode_utils
